GIT
  remote: git://github.com/groupme/webmock.git
  revision: c392d8fc3e6c9806ccc8f1ede251486930ec41bb
  ref: c392d8f
  specs:
    webmock (1.7.1)
      addressable (~> 2.2, > 2.2.5)
      crack (>= 0.1.7)

PATH
  remote: .
  specs:
    em-twilio (0.0.0)
      em-http-request (>= 1.0.0.beta.4)
      eventmachine (>= 1.0.0.beta.3)
      uuid

GEM
  remote: http://rubygems.org/
  specs:
    addressable (2.2.6)
    crack (0.1.8)
    diff-lcs (1.1.2)
    em-http-request (1.0.0.beta.4)
      addressable (>= 2.2.3)
      em-socksify
      eventmachine (>= 1.0.0.beta.3)
      http_parser.rb (>= 0.5.1)
    em-socksify (0.1.0)
      eventmachine
    eventmachine (1.0.0.beta.3)
    http_parser.rb (0.5.1)
    macaddr (1.0.0)
    rspec (2.6.0)
      rspec-core (~> 2.6.0)
      rspec-expectations (~> 2.6.0)
      rspec-mocks (~> 2.6.0)
    rspec-core (2.6.4)
    rspec-expectations (2.6.0)
      diff-lcs (~> 1.1.2)
    rspec-mocks (2.6.0)
    uuid (2.3.3)
      macaddr (~> 1.0)

PLATFORMS
  ruby

DEPENDENCIES
  em-twilio!
  rspec (~> 2.6.0)
  webmock!
